GEM
  specs:
    concurrent-ruby (1.2.2)
    connection_pool (2.4.1)
    debug (1.8.0)
      irb (>= 1.5.0)
      reline (>= 0.3.1)
    faraday (2.7.6)
      faraday-net_http (>= 2.0, < 3.1)
      ruby2_keywords (>= 0.0.4)
    faraday-net_http (3.0.2)
    io-console (0.6.0)
    irb (1.6.4)
      reline (>= 0.3.0)
    minitest (5.18.0)
    rack (2.2.7)
    redis (5.0.6)
      redis-client (>= 0.9.0)
    redis-client (0.14.1)
      connection_pool
    reline (0.3.3)
      io-console (~> 0.5)
    ruby2_keywords (0.0.5)
    sidekiq (7.1.1)
      concurrent-ruby (< 2)
      connection_pool (>= 2.3.0)
      rack (>= 2.2.4)
      redis-client (>= 0.14.0)

PLATFORMS
  x86_64-darwin-21

DEPENDENCIES
  connection_pool (~> 2.4)
  debug
  faraday (~> 2.7)
  minitest (~> 5.18)
  redis (~> 5.0)
  sidekiq (~> 7.1)

BUNDLED WITH
   2.2.3
