GEM
  specs:
    debug (1.8.0)
      irb (>= 1.5.0)
      reline (>= 0.3.1)
    io-console (0.6.0)
    irb (1.6.4)
      reline (>= 0.3.0)
    reline (0.3.3)
      io-console (~> 0.5)

PLATFORMS
  x86_64-darwin-21

DEPENDENCIES
  debug

BUNDLED WITH
   2.2.3
